GEM
  remote: https://rubygems.org/
  specs:
    actioncable (6.1.7.10)
      actionpack (= 6.1.7.10)
      activesupport (= 6.1.7.10)
      nio4r (~> 2.0)
      websocket-driver (>= 0.6.1)
    actionmailbox (6.1.7.10)
      actionpack (= 6.1.7.10)
      activejob (= 6.1.7.10)
      activerecord (= 6.1.7.10)
      activestorage (= 6.1.7.10)
      activesupport (= 6.1.7.10)
      mail (>= 2.7.1)
    actionmailer (6.1.7.10)
      actionpack (= 6.1.7.10)
      actionview (= 6.1.7.10)
      activejob (= 6.1.7.10)
      activesupport (= 6.1.7.10)
      mail (~> 2.5, >= 2.5.4)
      rails-dom-testing (~> 2.0)
    actionpack (6.1.7.10)
      actionview (= 6.1.7.10)
      activesupport (= 6.1.7.10)
      rack (~> 2.0, >= 2.0.9)
      rack-test (>= 0.6.3)
      rails-dom-testing (~> 2.0)
      rails-html-sanitizer (~> 1.0, >= 1.2.0)
    actiontext (6.1.7.10)
      actionpack (= 6.1.7.10)
      activerecord (= 6.1.7.10)
      activestorage (= 6.1.7.10)
      activesupport (= 6.1.7.10)
      nokogiri (>= 1.8.5)
    actionview (6.1.7.10)
      activesupport (= 6.1.7.10)
      builder (~> 3.1)
      erubi (~> 1.4)
      rails-dom-testing (~> 2.0)
      rails-html-sanitizer (~> 1.1, >= 1.2.0)
    activejob (6.1.7.10)
      activesupport (= 6.1.7.10)
      globalid (>= 0.3.6)
    activemodel (6.1.7.10)
      activesupport (= 6.1.7.10)
    activerecord (6.1.7.10)
      activemodel (= 6.1.7.10)
      activesupport (= 6.1.7.10)
    activestorage (6.1.7.10)
      actionpack (= 6.1.7.10)
      activejob (= 6.1.7.10)
      activerecord (= 6.1.7.10)
      activesupport (= 6.1.7.10)
      marcel (~> 1.0)
      mini_mime (>= 1.1.0)
    activesupport (6.1.7.10)
      concurrent-ruby (~> 1.0, >= 1.0.2)
      i18n (>= 1.6, < 2)
      minitest (>= 5.1)
      tzinfo (~> 2.0)
      zeitwerk (~> 2.3)
    addressable (2.8.7)
      public_suffix (>= 2.0.2, < 7.0)
    ast (2.4.3)
    backport (1.2.0)
    base64 (0.3.0)
    bcrypt (3.1.20)
    benchmark (0.4.1)
    bigdecimal (3.2.3)
    bindex (0.8.1)
    bootsnap (1.18.6)
      msgpack (~> 1.2)
    builder (3.3.0)
    byebug (11.1.3)
    capybara (3.40.0)
      addressable
      matrix
      mini_mime (>= 0.1.3)
      nokogiri (~> 1.11)
      rack (>= 1.6.0)
      rack-test (>= 0.6.3)
      regexp_parser (>= 1.5, < 3.0)
      xpath (~> 3.2)
    coderay (1.1.3)
    concurrent-ruby (1.3.4)
    crass (1.0.6)
    date (3.4.1)
    devise (4.8.0)
      bcrypt (~> 3.0)
      orm_adapter (~> 0.1)
      railties (>= 4.1.0)
      responders
      warden (~> 1.2.3)
    devise-i18n (1.9.4)
      devise (>= 4.7.1)
    devise_token_auth (1.1.5)
      bcrypt (~> 3.0)
      devise (> 3.5.2, < 5)
      rails (>= 4.2.0, < 6.2)
    diff-lcs (1.6.2)
    erubi (1.13.1)
    factory_bot (6.5.5)
      activesupport (>= 6.1.0)
    factory_bot_rails (6.5.0)
      factory_bot (~> 6.5)
      railties (>= 6.1.0)
    faker (3.5.2)
      i18n (>= 1.8.11, < 2)
    ffi (1.17.2)
    globalid (1.3.0)
      activesupport (>= 6.1)
    hashie (5.0.0)
    i18n (1.14.7)
      concurrent-ruby (~> 1.0)
    jaro_winkler (1.6.1)
    jbuilder (2.13.0)
      actionview (>= 5.0.0)
      activesupport (>= 5.0.0)
    json (2.15.0)
    jsonapi-serializer (2.2.0)
      activesupport (>= 4.2)
    kaminari (1.2.2)
      activesupport (>= 4.1.0)
      kaminari-actionview (= 1.2.2)
      kaminari-activerecord (= 1.2.2)
      kaminari-core (= 1.2.2)
    kaminari-actionview (1.2.2)
      actionview
      kaminari-core (= 1.2.2)
    kaminari-activerecord (1.2.2)
      activerecord
      kaminari-core (= 1.2.2)
    kaminari-core (1.2.2)
    kramdown (2.5.1)
      rexml (>= 3.3.9)
    kramdown-parser-gfm (1.1.0)
      kramdown (~> 2.0)
    language_server-protocol (3.17.0.5)
    lint_roller (1.1.0)
    listen (3.9.0)
      rb-fsevent (~> 0.10, >= 0.10.3)
      rb-inotify (~> 0.9, >= 0.9.10)
    logger (1.7.0)
    loofah (2.24.1)
      crass (~> 1.0.2)
      nokogiri (>= 1.12.0)
    mail (2.8.1)
      mini_mime (>= 0.1.1)
      net-imap
      net-pop
      net-smtp
    marcel (1.1.0)
    matrix (0.4.3)
    method_source (1.1.0)
    mini_mime (1.1.5)
    mini_portile2 (2.8.9)
    minitest (5.25.5)
    msgpack (1.8.0)
    mysql2 (0.5.7)
      bigdecimal
    net-imap (0.4.22)
      date
      net-protocol
    net-pop (0.1.2)
      net-protocol
    net-protocol (0.2.2)
      timeout
    net-smtp (0.5.1)
      net-protocol
    nio4r (2.7.4)
    nokogiri (1.17.2)
      mini_portile2 (~> 2.8.2)
      racc (~> 1.4)
    observer (0.1.2)
    omniauth (2.1.3)
      hashie (>= 3.4.6)
      rack (>= 2.2.3)
      rack-protection
    orm_adapter (0.5.0)
    ostruct (0.6.3)
    parallel (1.27.0)
    parser (3.3.9.0)
      ast (~> 2.4.1)
      racc
    prism (1.5.1)
    pry (0.15.2)
      coderay (~> 1.1)
      method_source (~> 1.0)
    pry-rails (0.3.11)
      pry (>= 0.13.0)
    public_suffix (6.0.2)
    puma (5.6.9)
      nio4r (~> 2.0)
    racc (1.8.1)
    rack (2.2.18)
    rack-cors (1.1.1)
      rack (>= 2.0.0)
    rack-mini-profiler (2.3.4)
      rack (>= 1.2.0)
    rack-protection (3.2.0)
      base64 (>= 0.1.0)
      rack (~> 2.2, >= 2.2.4)
    rack-proxy (0.7.7)
      rack
    rack-test (2.2.0)
      rack (>= 1.3)
    rails (6.1.7.10)
      actioncable (= 6.1.7.10)
      actionmailbox (= 6.1.7.10)
      actionmailer (= 6.1.7.10)
      actionpack (= 6.1.7.10)
      actiontext (= 6.1.7.10)
      actionview (= 6.1.7.10)
      activejob (= 6.1.7.10)
      activemodel (= 6.1.7.10)
      activerecord (= 6.1.7.10)
      activestorage (= 6.1.7.10)
      activesupport (= 6.1.7.10)
      bundler (>= 1.15.0)
      railties (= 6.1.7.10)
      sprockets-rails (>= 2.0.0)
    rails-dom-testing (2.3.0)
      activesupport (>= 5.0.0)
      minitest
      nokogiri (>= 1.6)
    rails-html-sanitizer (1.6.2)
      loofah (~> 2.21)
      nokogiri (>= 1.15.7, != 1.16.7, != 1.16.6, != 1.16.5, != 1.16.4, != 1.16.3, != 1.16.2, != 1.16.1, != 1.16.0.rc1, != 1.16.0)
    railties (6.1.7.10)
      actionpack (= 6.1.7.10)
      activesupport (= 6.1.7.10)
      method_source
      rake (>= 12.2)
      thor (~> 1.0)
    rainbow (3.1.1)
    rake (13.3.0)
    rb-fsevent (0.11.2)
    rb-inotify (0.11.1)
      ffi (~> 1.0)
    rbs (3.6.1)
      logger
    regexp_parser (2.11.3)
    responders (3.1.1)
      actionpack (>= 5.2)
      railties (>= 5.2)
    reverse_markdown (3.0.0)
      nokogiri
    rexml (3.4.4)
    roo (2.10.1)
      nokogiri (~> 1)
      rubyzip (>= 1.3.0, < 3.0.0)
    rspec-core (3.13.5)
      rspec-support (~> 3.13.0)
    rspec-expectations (3.13.5)
      diff-lcs (>= 1.2.0, < 2.0)
      rspec-support (~> 3.13.0)
    rspec-mocks (3.13.5)
      diff-lcs (>= 1.2.0, < 2.0)
      rspec-support (~> 3.13.0)
    rspec-rails (6.1.5)
      actionpack (>= 6.1)
      activesupport (>= 6.1)
      railties (>= 6.1)
      rspec-core (~> 3.13)
      rspec-expectations (~> 3.13)
      rspec-mocks (~> 3.13)
      rspec-support (~> 3.13)
    rspec-support (3.13.6)
    rubocop (1.81.1)
      json (~> 2.3)
      language_server-protocol (~> 3.17.0.2)
      lint_roller (~> 1.1.0)
      parallel (~> 1.10)
      parser (>= 3.3.0.2)
      rainbow (>= 2.2.2, < 4.0)
      regexp_parser (>= 2.9.3, < 3.0)
      rubocop-ast (>= 1.47.1, < 2.0)
      ruby-progressbar (~> 1.7)
      unicode-display_width (>= 2.4.0, < 4.0)
    rubocop-ast (1.47.1)
      parser (>= 3.3.7.2)
      prism (~> 1.4)
    rubocop-performance (1.26.0)
      lint_roller (~> 1.1)
      rubocop (>= 1.75.0, < 2.0)
      rubocop-ast (>= 1.44.0, < 2.0)
    rubocop-rails (2.33.4)
      activesupport (>= 4.2.0)
      lint_roller (~> 1.1)
      rack (>= 1.1)
      rubocop (>= 1.75.0, < 2.0)
      rubocop-ast (>= 1.44.0, < 2.0)
    rubocop-rspec (3.7.0)
      lint_roller (~> 1.1)
      rubocop (~> 1.72, >= 1.72.1)
    ruby-progressbar (1.13.0)
    rubyzip (2.4.1)
    sass-rails (6.0.0)
      sassc-rails (~> 2.1, >= 2.1.1)
    sassc (2.4.0)
      ffi (~> 1.9)
    sassc-rails (2.1.2)
      railties (>= 4.0.0)
      sassc (>= 2.0)
      sprockets (> 3.0)
      sprockets-rails
      tilt
    selenium-webdriver (4.26.0)
      base64 (~> 0.2)
      logger (~> 1.4)
      rexml (~> 3.2, >= 3.2.5)
      rubyzip (>= 1.2.2, < 3.0)
      websocket (~> 1.0)
    semantic_range (3.1.0)
    solargraph (0.57.0)
      backport (~> 1.2)
      benchmark (~> 0.4)
      bundler (~> 2.0)
      diff-lcs (~> 1.4)
      jaro_winkler (~> 1.6, >= 1.6.1)
      kramdown (~> 2.3)
      kramdown-parser-gfm (~> 1.1)
      logger (~> 1.6)
      observer (~> 0.1)
      ostruct (~> 0.6)
      parser (~> 3.0)
      prism (~> 1.4)
      rbs (>= 3.6.1, <= 4.0.0.dev.4)
      reverse_markdown (~> 3.0)
      rubocop (~> 1.76)
      thor (~> 1.0)
      tilt (~> 2.0)
      yard (~> 0.9, >= 0.9.24)
      yard-activesupport-concern (~> 0.0)
      yard-solargraph (~> 0.1)
    spring (4.3.0)
    sprockets (4.2.2)
      concurrent-ruby (~> 1.0)
      logger
      rack (>= 2.2.4, < 4)
    sprockets-rails (3.5.2)
      actionpack (>= 6.1)
      activesupport (>= 6.1)
      sprockets (>= 3.0.0)
    thor (1.4.0)
    tilt (2.6.1)
    timeout (0.4.3)
    turbolinks (5.2.1)
      turbolinks-source (~> 5.2)
    turbolinks-source (5.2.0)
    tzinfo (2.0.6)
      concurrent-ruby (~> 1.0)
    unicode-display_width (3.2.0)
      unicode-emoji (~> 4.1)
    unicode-emoji (4.1.0)
    warden (1.2.9)
      rack (>= 2.0.9)
    web-console (4.2.1)
      actionview (>= 6.0.0)
      activemodel (>= 6.0.0)
      bindex (>= 0.4.0)
      railties (>= 6.0.0)
    webdrivers (5.2.0)
      nokogiri (~> 1.6)
      rubyzip (>= 1.3.0)
      selenium-webdriver (~> 4.0)
    webpacker (5.4.4)
      activesupport (>= 5.2)
      rack-proxy (>= 0.6.1)
      railties (>= 5.2)
      semantic_range (>= 2.3.0)
    websocket (1.2.11)
    websocket-driver (0.8.0)
      base64
      websocket-extensions (>= 0.1.0)
    websocket-extensions (0.1.5)
    xpath (3.2.0)
      nokogiri (~> 1.8)
    yard (0.9.37)
    yard-activesupport-concern (0.0.1)
      yard (>= 0.8)
    yard-solargraph (0.1.0)
      yard (~> 0.9)
    zeitwerk (2.6.18)

PLATFORMS
  ruby

DEPENDENCIES
  bootsnap (>= 1.4.4)
  byebug
  capybara (>= 3.26)
  concurrent-ruby (= 1.3.4)
  devise (= 4.8.0)
  devise-i18n (= 1.9.4)
  devise_token_auth (= 1.1.5)
  factory_bot_rails
  faker
  jbuilder (~> 2.7)
  jsonapi-serializer (>= 2.2.0)
  kaminari
  listen (~> 3.3)
  mysql2 (~> 0.5)
  omniauth (>= 2.1.1)
  pry-rails
  puma (~> 5.0)
  rack-cors (= 1.1.1)
  rack-mini-profiler (~> 2.0)
  rails (~> 6.1.4)
  roo (>= 2.10.0)
  rspec-rails
  rubocop
  rubocop-performance
  rubocop-rails
  rubocop-rspec
  sass-rails (>= 6)
  selenium-webdriver
  solargraph
  spring
  turbolinks (~> 5)
  tzinfo-data
  web-console (>= 4.1.0)
  webdrivers
  webpacker (~> 5.0)

RUBY VERSION
   ruby 3.0.3p157

BUNDLED WITH
   2.2.32
